GEM
  remote: https://rubygems.org/
  specs:
    corefoundation (0.1.4)
      ffi
    ffi (1.9.6)
    httparty (0.13.3)
      json (~> 1.8)
      multi_xml (>= 0.5.2)
    json (1.8.1)
    linodeapi (0.0.4)
      httparty (~> 0.13.0)
    multi_xml (0.5.5)
    ruby-keychain (0.1.2)
      corefoundation (~> 0.1.3)
      ffi

PLATFORMS
  ruby

DEPENDENCIES
  linodeapi (~> 0.0.4)
  ruby-keychain (~> 0.1.2)
